NUGET
  remote: https://nuget.org/api/v2
  specs:
    ApiaryProvider (1.0.2)
      FSharp.Data (>= 2.0.9) - framework: portable-net40+sl50+wp80+win80, >= net40
      Zlib.Portable (>= 1.9.2) - framework: portable-net40+sl50+wp80+win80
    canopy (0.9.34)
      FSharp.Core (>= 3.0.2)
      Selenium.Support (2.47.0)
      Selenium.WebDriver (2.47.0)
      SizSelCsZzz (0.3.36.0)
    FAKE (4.4.4)
    FSharp.Compiler.Service (0.0.90)
    FSharp.Core (4.0.0.1)
    FSharp.Data (2.2.5) - framework: portable-net40+sl50+wp80+win80, >= net40
    FSharp.Formatting (2.11.0)
      FSharp.Compiler.Service (>= 0.0.90 <= 1.3)
      FSharpVSPowerTools.Core (1.9.0)
    FSharpVSPowerTools.Core (1.9.0)
      FSharp.Compiler.Service (>= 0.0.90)
    FunScript (1.1.94)
    FunScript.TypeScript.Binding.jquery (1.1.0.37)
      FunScript.TypeScript.Binding.lib (>= 1.1.0.37)
    FunScript.TypeScript.Binding.lib (1.1.0.37)
    Microsoft.Bcl (1.1.10)
      Microsoft.Bcl.Build (>= 1.0.14)
    Microsoft.Bcl.Build (1.0.21)
    Microsoft.Net.Http (2.2.29)
      Microsoft.Bcl (>= 1.1.10)
      Microsoft.Bcl.Build (>= 1.0.14)
    Newtonsoft.Json (7.0.1)
    NUnit (2.6.4)
    NUnit.Runners (2.6.4)
    Octokit (0.16.0)
      Microsoft.Net.Http
    PhantomJS (2.0.0)
    Selenium.Support (2.47.0)
      Selenium.WebDriver (>= 2.47.0)
    Selenium.WebDriver (2.47.0)
    SizSelCsZzz (0.3.36.0)
      Newtonsoft.Json (>= 6.0)
      Selenium.Support (>= 2.40)
      Selenium.WebDriver (>= 2.40)
    SourceLink.Fake (1.1.0)
    Zlib.Portable (1.11.0) - framework: portable-net40+sl50+wp80+win80
GITHUB
  remote: fsharp/FAKE
  specs:
    modules/Octokit/Octokit.fsx (0b76a61e7b113c000af6547f9ac2e7e336fe4f81)
      Octokit
  remote: NaseUkolyCZ/ApiaryProvider
  specs:
    dist/ApiaryProvider.DesignTime.dll (581d5339a3e7932377d676c8299c058033a2d50d)
    dist/ApiaryProvider.DesignTime.xml (581d5339a3e7932377d676c8299c058033a2d50d)
    dist/ApiaryProvider.dll (581d5339a3e7932377d676c8299c058033a2d50d)
    dist/ApiaryProvider.xml (581d5339a3e7932377d676c8299c058033a2d50d)
    dist/FSharp.Data.DesignTime.dll (581d5339a3e7932377d676c8299c058033a2d50d)
    dist/FSharp.Data.DesignTime.xml (581d5339a3e7932377d676c8299c058033a2d50d)
  remote: NaseUkolyCZ/FAKE
  specs:
    dist/FakeLib.dll (1cfaddde757a43de0081a471f3f56c298edc85e2)