NUGET
  remote: https://nuget.org/api/v2
  specs:
    canopy (0.9.34)
      FSharp.Core (>= 3.0.2)
      Selenium.Support (2.47.0)
      Selenium.WebDriver (2.47.0)
      SizSelCsZzz (0.3.36.0)
    FAKE (4.4.2)
    FSharp.Compiler.Service (0.0.90)
    FSharp.Core (4.0.0.1)
    FSharp.Formatting (2.10.3)
      FSharp.Compiler.Service (>= 0.0.90 <= 1.3)
      FSharpVSPowerTools.Core (1.9.0)
    FSharpVSPowerTools.Core (1.9.0)
      FSharp.Compiler.Service (>= 0.0.90)
    Microsoft.Bcl (1.1.10)
      Microsoft.Bcl.Build (>= 1.0.14)
    Microsoft.Bcl.Build (1.0.21)
    Microsoft.Net.Http (2.2.29)
      Microsoft.Bcl (>= 1.1.10)
      Microsoft.Bcl.Build (>= 1.0.14)
    Newtonsoft.Json (7.0.1)
    NUnit (2.6.4)
    NUnit.Runners (2.6.4)
    Octokit (0.15.0)
      Microsoft.Net.Http
    PhantomJS (2.0.0)
    Selenium.Support (2.47.0)
      Selenium.WebDriver (>= 2.47.0)
    Selenium.WebDriver (2.47.0)
    SizSelCsZzz (0.3.36.0)
      Newtonsoft.Json (>= 6.0)
      Selenium.Support (>= 2.40)
      Selenium.WebDriver (>= 2.40)
    SourceLink.Fake (1.1.0)
GITHUB
  remote: fsharp/FAKE
  specs:
    modules/Octokit/Octokit.fsx (448a0e59aa1381714d045bf81c3ab5692aad6259)
      Octokit